GEM
  remote: https://rubygems.org/
  specs:
    json (2.3.1)
    pg (1.2.3)
    webrick (1.6.1)

PLATFORMS
  ruby

DEPENDENCIES
  json
  pg
  webrick

BUNDLED WITH
   2.1.4
